GEM
  remote: http://rubygems.org/
  specs:
    oauth (0.4.5)

PLATFORMS
  ruby

DEPENDENCIES
  oauth
